GEM
  remote: https://rubygems.org/
  specs:
    actionmailer (3.2.11)
      actionpack (= 3.2.11)
      mail (~> 2.4.4)
    actionpack (3.2.11)
      activemodel (= 3.2.11)
      activesupport (= 3.2.11)
      builder (~> 3.0.0)
      erubis (~> 2.7.0)
      journey (~> 1.0.4)
      rack (~> 1.4.0)
      rack-cache (~> 1.2)
      rack-test (~> 0.6.1)
      sprockets (~> 2.2.1)
    activemodel (3.2.11)
      activesupport (= 3.2.11)
      builder (~> 3.0.0)
    activerecord (3.2.11)
      activemodel (= 3.2.11)
      activesupport (= 3.2.11)
      arel (~> 3.0.2)
      tzinfo (~> 0.3.29)
    activeresource (3.2.11)
      activemodel (= 3.2.11)
      activesupport (= 3.2.11)
    activesupport (3.2.11)
      i18n (~> 0.6)
      multi_json (~> 1.0)
    arel (3.0.2)
    bcrypt-ruby (3.0.1)
    bootstrap-will_paginate (0.0.6)
      will_paginate
    builder (3.0.4)
    capybara (1.1.2)
      mime-types (>= 1.16)
      nokogiri (>= 1.3.3)
      rack (>= 1.0.0)
      rack-test (>= 0.5.4)
      selenium-webdriver (~> 2.0)
      xpath (~> 0.1.4)
    childprocess (0.3.7)
      ffi (~> 1.0, >= 1.0.6)
    coderay (1.0.8)
    coffee-rails (3.2.2)
      coffee-script (>= 2.2.0)
      railties (~> 3.2.0)
    coffee-script (2.2.0)
      coffee-script-source
      execjs
    coffee-script-source (1.4.0)
<<<<<<< HEAD
    commonjs (0.2.6)
    cucumber (1.2.1)
      builder (>= 2.1.2)
      diff-lcs (>= 1.1.3)
      gherkin (~> 2.11.0)
      json (>= 1.4.6)
    cucumber-rails (1.2.1)
      capybara (>= 1.1.2)
      cucumber (>= 1.1.3)
      nokogiri (>= 1.5.0)
    database_cleaner (0.7.0)
=======
    database_cleaner (0.9.1)
>>>>>>> 42c93b1ee11c2f07aa5780e42d486cf7213338ec
    diff-lcs (1.1.3)
    dynamic_form (1.1.4)
    erubis (2.7.0)
    execjs (1.4.0)
      multi_json (~> 1.0)
<<<<<<< HEAD
    factory_girl (4.1.0)
      activesupport (>= 3.0.0)
    factory_girl_rails (4.1.0)
      factory_girl (~> 4.1.0)
      railties (>= 3.0.0)
    faker (1.0.1)
      i18n (~> 0.4)
    ffi (1.1.5)
    gherkin (2.11.6)
      json (>= 1.7.6)
    guard (1.6.2)
      listen (>= 0.6.0)
      lumberjack (>= 1.0.2)
      pry (>= 0.9.10)
      terminal-table (>= 1.4.3)
      thor (>= 0.14.6)
    guard-rspec (1.2.1)
      guard (>= 1.1)
    guard-spork (1.2.0)
      childprocess
      guard (>= 1.1)
      spork (>= 0.8.4)
      sys-proctable
=======
    factory_girl (2.6.4)
      activesupport (>= 2.3.9)
    ffi (1.3.1)
>>>>>>> 42c93b1ee11c2f07aa5780e42d486cf7213338ec
    hike (1.2.1)
    hirb (0.7.1)
    i18n (0.6.1)
    journey (1.0.4)
    jquery-rails (2.0.3)
      railties (>= 3.1.0, < 5.0)
      thor (~> 0.14)
    json (1.7.6)
    libv8 (3.11.8.13)
<<<<<<< HEAD
    libwebsocket (0.1.5)
      addressable
    listen (0.7.2)
    lumberjack (1.0.2)
=======
>>>>>>> 42c93b1ee11c2f07aa5780e42d486cf7213338ec
    mail (2.4.4)
      i18n (>= 0.4.0)
      mime-types (~> 1.16)
      treetop (~> 1.4.8)
    method_source (0.8.1)
<<<<<<< HEAD
    mime-types (1.19)
=======
    mime-types (1.20.1)
>>>>>>> 42c93b1ee11c2f07aa5780e42d486cf7213338ec
    multi_json (1.5.0)
    nokogiri (1.5.6)
    polyglot (0.3.3)
    pry (0.9.11.4)
      coderay (~> 1.0.5)
      method_source (~> 0.8)
      slop (~> 3.4)
<<<<<<< HEAD
=======
    pry-rails (0.2.2)
      pry (>= 0.9.10)
>>>>>>> 42c93b1ee11c2f07aa5780e42d486cf7213338ec
    rack (1.4.4)
    rack-cache (1.2)
      rack (>= 0.4)
    rack-ssl (1.3.3)
      rack
    rack-test (0.6.2)
      rack (>= 1.0)
    rails (3.2.11)
      actionmailer (= 3.2.11)
      actionpack (= 3.2.11)
      activerecord (= 3.2.11)
      activeresource (= 3.2.11)
      activesupport (= 3.2.11)
      bundler (~> 1.0)
      railties (= 3.2.11)
    railties (3.2.11)
      actionpack (= 3.2.11)
      activesupport (= 3.2.11)
      rack-ssl (~> 1.3.2)
      rake (>= 0.8.7)
      rdoc (~> 3.4)
      thor (>= 0.14.6, < 2.0)
    rake (10.0.3)
    rdoc (3.12.1)
      json (~> 1.4)
    ref (1.0.2)
    rspec-core (2.12.2)
    rspec-expectations (2.12.1)
      diff-lcs (~> 1.1.3)
    rspec-mocks (2.12.2)
    rspec-rails (2.12.2)
      actionpack (>= 3.0)
      activesupport (>= 3.0)
      railties (>= 3.0)
      rspec-core (~> 2.12.0)
      rspec-expectations (~> 2.12.0)
      rspec-mocks (~> 2.12.0)
    rubyzip (0.9.9)
    sass (3.2.5)
<<<<<<< HEAD
    sass-rails (3.2.5)
      railties (~> 3.2.0)
      sass (>= 3.1.10)
      tilt (~> 1.3)
    selenium-webdriver (2.25.0)
=======
    sass-rails (3.2.6)
      railties (~> 3.2.0)
      sass (>= 3.1.10)
      tilt (~> 1.3)
    selenium-webdriver (2.29.0)
>>>>>>> 42c93b1ee11c2f07aa5780e42d486cf7213338ec
      childprocess (>= 0.2.5)
      multi_json (~> 1.0)
      rubyzip
<<<<<<< HEAD
    slop (3.4.3)
    spork (0.9.2)
=======
      websocket (~> 1.0.4)
    slop (3.4.3)
>>>>>>> 42c93b1ee11c2f07aa5780e42d486cf7213338ec
    sprockets (2.2.2)
      hike (~> 1.2)
      multi_json (~> 1.0)
      rack (~> 1.0)
      tilt (~> 1.1, != 1.3.0)
<<<<<<< HEAD
    sqlite3 (1.3.5)
    sys-proctable (0.9.2)
    terminal-table (1.4.5)
=======
    sqlite3 (1.3.7)
>>>>>>> 42c93b1ee11c2f07aa5780e42d486cf7213338ec
    therubyracer (0.11.3)
      libv8 (~> 3.11.8.12)
      ref
    thor (0.17.0)
    tilt (1.3.3)
    treetop (1.4.12)
      polyglot
      polyglot (>= 0.3.1)
    tzinfo (0.3.35)
    uglifier (1.2.7)
      execjs (>= 0.3.0)
<<<<<<< HEAD
      multi_json (>= 1.0.2)
    will_paginate (3.0.3)
=======
      multi_json (~> 1.3)
    websocket (1.0.7)
>>>>>>> 42c93b1ee11c2f07aa5780e42d486cf7213338ec
    xpath (0.1.4)
      nokogiri (~> 1.3)
    yahoofinance (1.2.2)

PLATFORMS
  ruby

DEPENDENCIES
  bcrypt-ruby (= 3.0.1)
  bootstrap-will_paginate (= 0.0.6)
  capybara (= 1.1.2)
<<<<<<< HEAD
  coffee-rails (= 3.2.2)
  cucumber-rails (= 1.2.1)
  database_cleaner (= 0.7.0)
  factory_girl_rails (= 4.1.0)
  faker (= 1.0.1)
  guard-rspec (= 1.2.1)
  guard-spork (= 1.2.0)
  jquery-rails (= 2.0.2)
  less-rails
  pg (= 0.12.2)
  rails (= 3.2.11)
  rspec-rails (= 2.11.0)
  sass-rails (= 3.2.5)
  spork (= 0.9.2)
  sqlite3 (= 1.3.5)
  therubyracer
  twitter-bootstrap-rails
  uglifier (= 1.2.3)
  will_paginate (= 3.0.3)
=======
  coffee-rails (~> 3.2.2)
  database_cleaner
  dynamic_form (= 1.1.4)
  factory_girl (= 2.6.4)
  hirb
  jquery-rails (~> 2.0.2)
  pry-rails
  rails (= 3.2.11)
  rspec-rails (~> 2.11)
  sass-rails (~> 3.2.5)
  sqlite3
  therubyracer
  uglifier (~> 1.2.6)
  yahoofinance (= 1.2.2)
>>>>>>> 42c93b1ee11c2f07aa5780e42d486cf7213338ec
